PATH
  remote: .
  specs:
    newsletter (3.2.22.0)
      acts_as_list (~> 0.5)
      cancancan (~> 1.9)
      carrierwave (~> 0.10)
      dynamic_form (~> 1.1)
      jquery-rails (~> 3.1)
      jquery-ui-rails (~> 5.0)
      mini_magick (= 4.9.4)
      nested_form (~> 0.3)
      rack-protection (= 2.0.1)
      rails (~> 3.2)
      will_paginate (~> 3.0)

GEM
  remote: https://rubygems.org/
  specs:
    actionmailer (3.2.22.5)
      actionpack (= 3.2.22.5)
      mail (~> 2.5.4)
    actionpack (3.2.22.5)
      activemodel (= 3.2.22.5)
      activesupport (= 3.2.22.5)
      builder (~> 3.0.0)
      erubis (~> 2.7.0)
      journey (~> 1.0.4)
      rack (~> 1.4.5)
      rack-cache (~> 1.2)
      rack-test (~> 0.6.1)
      sprockets (~> 2.12.5)
    activemodel (3.2.22.5)
      activesupport (= 3.2.22.5)
      builder (~> 3.0.0)
    activerecord (3.2.22.5)
      activemodel (= 3.2.22.5)
      activesupport (= 3.2.22.5)
      arel (~> 3.0.2)
      tzinfo (~> 0.3.29)
    activeresource (3.2.22.5)
      activemodel (= 3.2.22.5)
      activesupport (= 3.2.22.5)
    activesupport (3.2.22.5)
      i18n (~> 0.6, >= 0.6.4)
      multi_json (~> 1.0)
    acts_as_list (0.9.19)
      activerecord (>= 3.0)
    addressable (2.5.2)
      public_suffix (>= 2.0.2, < 4.0)
    arel (3.0.3)
    brakeman (4.2.1)
    builder (3.0.4)
    bundler-audit (0.6.0)
      bundler (~> 1.2)
      thor (~> 0.18)
    cancancan (1.17.0)
    capybara (2.18.0)
      addressable
      mini_mime (>= 0.1.3)
      nokogiri (>= 1.3.3)
      rack (>= 1.0.0)
      rack-test (>= 0.5.4)
      xpath (>= 2.0, < 4.0)
    carrierwave (0.11.2)
      activemodel (>= 3.2.0)
      activesupport (>= 3.2.0)
      json (>= 1.7)
      mime-types (>= 1.16)
      mimemagic (>= 0.3.0)
    cliver (0.3.2)
    coderay (1.1.0)
    cucumber (1.3.17)
      builder (>= 2.1.2)
      diff-lcs (>= 1.1.3)
      gherkin (~> 2.12)
      multi_json (>= 1.7.5, < 2.0)
      multi_test (>= 0.1.1)
    cucumber-rails (1.4.1)
      capybara (>= 1.1.2, < 3)
      cucumber (>= 1.3.8, < 2)
      mime-types (~> 1.16)
      nokogiri (~> 1.5)
      rails (>= 3, < 5)
    database_cleaner (1.3.0)
    diff-lcs (1.2.5)
    docile (1.1.5)
    dotenv (2.0.0)
    dotenv-rails (2.0.0)
      dotenv (= 2.0.0)
    dynamic_form (1.1.4)
    erubis (2.7.0)
    factory_girl (4.5.0)
      activesupport (>= 3.0.0)
    factory_girl_rails (4.5.0)
      factory_girl (~> 4.5.0)
      railties (>= 3.0.0)
    faker (1.4.3)
      i18n (~> 0.5)
    gherkin (2.12.2)
      multi_json (~> 1.3)
    hike (1.2.3)
    i18n (0.7.0)
    journey (1.0.4)
    jquery-rails (3.1.5)
      railties (>= 3.0, < 5.0)
      thor (>= 0.14, < 2.0)
    jquery-ui-rails (5.0.5)
      railties (>= 3.2.16)
    json (1.8.2)
    mail (2.5.5)
      mime-types (~> 1.16)
      treetop (~> 1.4.8)
    method_source (0.8.2)
    mime-types (1.25.1)
    mimemagic (0.3.3)
    mini_magick (4.9.4)
    mini_mime (1.0.0)
    mini_portile2 (2.4.0)
    multi_json (1.11.0)
    multi_test (0.1.1)
    mysql2 (0.3.21)
    nested_form (0.3.2)
    nokogiri (1.10.8)
      mini_portile2 (~> 2.4.0)
    poltergeist (1.5.1)
      capybara (~> 2.1)
      cliver (~> 0.3.1)
      multi_json (~> 1.0)
      websocket-driver (>= 0.2.0)
    polyglot (0.3.5)
    pry (0.10.1)
      coderay (~> 1.1.0)
      method_source (~> 0.8.1)
      slop (~> 3.4)
    pry-rails (0.3.2)
      pry (>= 0.9.10)
    public_suffix (3.0.2)
    quiet_assets (1.1.0)
      railties (>= 3.1, < 5.0)
    rack (1.4.7)
    rack-cache (1.7.1)
      rack (>= 0.4)
    rack-protection (2.0.1)
      rack
    rack-ssl (1.3.4)
      rack
    rack-test (0.6.3)
      rack (>= 1.0)
    rails (3.2.22.5)
      actionmailer (= 3.2.22.5)
      actionpack (= 3.2.22.5)
      activerecord (= 3.2.22.5)
      activeresource (= 3.2.22.5)
      activesupport (= 3.2.22.5)
      bundler (~> 1.0)
      railties (= 3.2.22.5)
    railties (3.2.22.5)
      actionpack (= 3.2.22.5)
      activesupport (= 3.2.22.5)
      rack-ssl (~> 1.3.2)
      rake (>= 0.8.7)
      rdoc (~> 3.4)
      thor (>= 0.14.6, < 2.0)
    rake (12.3.1)
    rdoc (3.12.2)
      json (~> 1.4)
    rspec-activemodel-mocks (1.0.3)
      activemodel (>= 3.0)
      activesupport (>= 3.0)
      rspec-mocks (>= 2.99, < 4.0)
    rspec-core (3.7.1)
      rspec-support (~> 3.7.0)
    rspec-expectations (3.7.0)
      diff-lcs (>= 1.2.0, < 2.0)
      rspec-support (~> 3.7.0)
    rspec-mocks (3.7.0)
      diff-lcs (>= 1.2.0, < 2.0)
      rspec-support (~> 3.7.0)
    rspec-rails (3.7.2)
      actionpack (>= 3.0)
      activesupport (>= 3.0)
      railties (>= 3.0)
      rspec-core (~> 3.7.0)
      rspec-expectations (~> 3.7.0)
      rspec-mocks (~> 3.7.0)
      rspec-support (~> 3.7.0)
    rspec-support (3.7.1)
    simplecov (0.9.2)
      docile (~> 1.1.0)
      multi_json (~> 1.0)
      simplecov-html (~> 0.9.0)
    simplecov-html (0.9.0)
    slop (3.6.0)
    spring (1.1.3)
    spring-commands-cucumber (1.0.1)
      spring (>= 0.9.1)
    spring-commands-rspec (1.0.2)
      spring (>= 0.9.1)
    sprockets (2.12.5)
      hike (~> 1.2)
      multi_json (~> 1.0)
      rack (~> 1.0)
      tilt (~> 1.1, != 1.3.0)
    sqlite3 (1.3.9)
    thor (0.19.1)
    tilt (1.4.1)
    treetop (1.4.15)
      polyglot
      polyglot (>= 0.3.1)
    tzinfo (0.3.54)
    websocket-driver (0.3.5)
    will_paginate (3.1.7)
    xpath (2.1.0)
      nokogiri (~> 1.3)

PLATFORMS
  ruby

DEPENDENCIES
  brakeman
  bundler-audit
  cucumber-rails
  database_cleaner
  dotenv-rails
  factory_girl_rails (~> 4.3)
  faker
  jquery-rails
  jquery-ui-rails
  mysql2 (~> 0.3)
  newsletter!
  poltergeist
  pry-rails
  quiet_assets
  rspec-activemodel-mocks
  rspec-rails (~> 3.2)
  simplecov
  spring
  spring-commands-cucumber
  spring-commands-rspec
  sqlite3
